GEM
  remote: https://rubygems.org/
  specs:
    mini_portile2 (2.4.0)
    nokogiri (1.10.3)
      mini_portile2 (~> 2.4.0)
    ruby-graphviz (1.2.4)

PLATFORMS
  ruby

DEPENDENCIES
  nokogiri
  ruby-graphviz

BUNDLED WITH
   2.0.2
